GIT
  remote: git://github.com/flapjack/flapjack-diner.git
  revision: e7e554d74b2c4e7b6a516066d200cb161b588506
  branch: v2_pre
  specs:
    flapjack-diner (2.0.0a1)
      httparty (>= 0.10)
      json (>= 1.7.7)

GIT
  remote: git://github.com/flapjack/zermelo.git
  revision: cce78ff058596cdf70cdb8bbf8b085e1becd9e21
  branch: 16_zset_indices
  specs:
    zermelo (1.1.0)
      activemodel

PATH
  remote: .
  specs:
    flapjack (2.0.0a1)
      activesupport
      chronic
      chronic_duration
      dante
      gli (= 2.13.1)
      hiredis
      ice_cube
      mail
      oj (>= 2.9.0)
      puma
      rbtrace
      redis (>= 3.0.7)
      sinatra
      swagger-blocks
      terminal-table
      toml-rb
      tzinfo
      tzinfo-data
      xmpp4r (>= 0.5.5)

GEM
  remote: https://rubygems.org/
  specs:
    activemodel (4.2.1)
      activesupport (= 4.2.1)
      builder (~> 3.1)
    activesupport (4.2.1)
      i18n (~> 0.7)
      json (~> 1.7, >= 1.7.7)
      minitest (~> 5.1)
      thread_safe (~> 0.3, >= 0.3.4)
      tzinfo (~> 1.1)
    addressable (2.3.8)
    awesome_print (1.6.1)
    builder (3.2.2)
    chronic (0.10.2)
    chronic_duration (0.10.6)
      numerizer (~> 0.1.1)
    citrus (3.0.2)
    crack (0.4.2)
      safe_yaml (~> 1.0.0)
    cucumber (2.0.0)
      builder (>= 2.1.2)
      cucumber-core (~> 1.1.3)
      diff-lcs (>= 1.1.3)
      gherkin (~> 2.12)
      multi_json (>= 1.7.5, < 2.0)
      multi_test (>= 0.1.2)
    cucumber-core (1.1.3)
      gherkin (~> 2.12.0)
    dante (0.2.0)
    delorean (2.1.0)
      chronic
    diff-lcs (1.2.5)
    docile (1.1.5)
    ffi (1.9.8)
    find_a_port (1.0.1)
    gherkin (2.12.2)
      multi_json (~> 1.3)
    gli (2.13.1)
    hiredis (0.6.0)
    httparty (0.13.5)
      json (~> 1.8)
      multi_xml (>= 0.5.2)
    i18n (0.7.0)
    ice_cube (0.13.0)
    json (1.8.3)
    json_spec (1.1.4)
      multi_json (~> 1.0)
      rspec (>= 2.0, < 4.0)
    mail (2.6.3)
      mime-types (>= 1.16, < 3)
    mime-types (2.6.1)
    minitest (5.7.0)
    msgpack (0.6.0)
    multi_json (1.11.0)
    multi_test (0.1.2)
    multi_xml (0.5.5)
    numerizer (0.1.1)
    oj (2.12.9)
    pact (1.8.0)
      awesome_print (~> 1.1)
      find_a_port (~> 1.0.1)
      json
      pact-mock_service (~> 0.5.0)
      pact-support (~> 0.4.1)
      rack-test (~> 0.6.2)
      randexp (~> 0.1.7)
      rspec (>= 2.14)
      term-ansicolor (~> 1.0)
      thor
      webrick
    pact-mock_service (0.5.5)
      find_a_port (~> 1.0.1)
      json
      pact-support (~> 0.4.0)
      rack
      rack-test (~> 0.6.2)
      rspec (>= 2.14)
      term-ansicolor (~> 1.0)
      thor
      webrick
    pact-support (0.4.2)
      awesome_print (~> 1.1)
      find_a_port (~> 1.0.1)
      json
      rack-test (~> 0.6.2)
      randexp (~> 0.1.7)
      rspec (>= 2.14)
      term-ansicolor (~> 1.0)
      thor
    puma (2.11.3)
      rack (>= 1.1, < 2.0)
    rack (1.6.1)
    rack-protection (1.5.3)
      rack
    rack-test (0.6.3)
      rack (>= 1.0)
    rake (10.4.2)
    randexp (0.1.7)
    rbtrace (0.4.7)
      ffi (>= 1.0.6)
      msgpack (>= 0.4.3)
      trollop (>= 1.16.2)
    redis (3.2.1)
    rspec (3.2.0)
      rspec-core (~> 3.2.0)
      rspec-expectations (~> 3.2.0)
      rspec-mocks (~> 3.2.0)
    rspec-core (3.2.3)
      rspec-support (~> 3.2.0)
    rspec-expectations (3.2.1)
      diff-lcs (>= 1.2.0, < 2.0)
      rspec-support (~> 3.2.0)
    rspec-mocks (3.2.1)
      diff-lcs (>= 1.2.0, < 2.0)
      rspec-support (~> 3.2.0)
    rspec-support (3.2.2)
    ruby-prof (0.15.8)
    safe_yaml (1.0.4)
    simplecov (0.10.0)
      docile (~> 1.1.0)
      json (~> 1.8)
      simplecov-html (~> 0.10.0)
    simplecov-html (0.10.0)
    sinatra (1.4.6)
      rack (~> 1.4)
      rack-protection (~> 1.4)
      tilt (>= 1.3, < 3)
    swagger-blocks (1.1.2)
    term-ansicolor (1.3.0)
      tins (~> 1.0)
    terminal-table (1.4.5)
    thor (0.19.1)
    thread_safe (0.3.5)
    tilt (2.0.1)
    tins (1.5.2)
    toml-rb (0.3.6)
      citrus (~> 3.0, > 3.0)
    trollop (2.1.2)
    tzinfo (1.2.2)
      thread_safe (~> 0.1)
    tzinfo-data (1.2015.4)
      tzinfo (>= 1.0.0)
    webmock (1.21.0)
      addressable (>= 2.3.6)
      crack (>= 0.3.2)
    webrick (1.3.1)
    xmpp4r (0.5.6)

PLATFORMS
  ruby

DEPENDENCIES
  cucumber (>= 2.0.0.rc.4)
  delorean
  flapjack!
  flapjack-diner!
  json_spec
  pact
  rack-test
  rake
  rspec
  ruby-prof
  simplecov
  webmock
  zermelo!
